GEM
  remote: http://rubygems.org/
  specs:
    haml (3.1.1)
    linkedin (0.2.2)
      nokogiri (~> 1.4.4)
      oauth (~> 0.4.0)
    nokogiri (1.4.4)
    oauth (0.4.4)
    rack (1.3.0)
    sinatra (1.2.6)
      rack (~> 1.1)
      tilt (< 2.0, >= 1.2.2)
    tilt (1.3.2)

PLATFORMS
  ruby

DEPENDENCIES
  haml
  linkedin
  sinatra
